PATH
  remote: .
  specs:
    gravitext-devtools (1.2.0)
      hooker (~> 1.0.0)
      rainbow (~> 1.1)

GEM
  remote: http://rubygems.org/
  specs:
    hooker (1.0.0)
    json (1.6.5)
    rainbow (1.1.3)
    rake (0.9.2.2)
    rdoc (3.12)
      json (~> 1.4)
    rjack-tarpit (2.0.1)
      rake (~> 0.9.2, >= 0.9.2.2)
      rdoc (~> 3.12)

PLATFORMS
  ruby

DEPENDENCIES
  gravitext-devtools!
  rjack-tarpit (~> 2.0)
